GEM
  remote: http://rubygems.org/
  specs:
    abstract (1.0.0)
    actionmailer (3.0.20)
      actionpack (= 3.0.20)
      mail (~> 2.2.19)
    actionpack (3.0.20)
      activemodel (= 3.0.20)
      activesupport (= 3.0.20)
      builder (~> 2.1.2)
      erubis (~> 2.6.6)
      i18n (~> 0.5.0)
      rack (~> 1.2.5)
      rack-mount (~> 0.6.14)
      rack-test (~> 0.5.7)
      tzinfo (~> 0.3.23)
    activemodel (3.0.20)
      activesupport (= 3.0.20)
      builder (~> 2.1.2)
      i18n (~> 0.5.0)
    activerecord (3.0.20)
      activemodel (= 3.0.20)
      activesupport (= 3.0.20)
      arel (~> 2.0.10)
      tzinfo (~> 0.3.23)
    activeresource (3.0.20)
      activemodel (= 3.0.20)
      activesupport (= 3.0.20)
    activesupport (3.0.20)
    acts_as_indexed (0.8.3)
    addressable (2.3.5)
    arel (2.0.10)
    awesome_nested_set (2.1.6)
      activerecord (>= 3.0.0)
    aws-s3 (0.6.3)
      builder
      mime-types
      xml-simple
    babosa (0.3.11)
    bcrypt-ruby (3.1.2)
    builder (2.1.2)
    devise (1.4.9)
      bcrypt-ruby (~> 3.0)
      orm_adapter (~> 0.0.3)
      warden (~> 1.0.3)
    dragonfly (0.9.15)
      multi_json (~> 1.0)
      rack
    erubis (2.6.6)
      abstract (>= 1.0.0)
    excon (0.25.3)
    filters_spam (0.3)
    friendly_id_globalize3 (3.2.1.6)
      babosa (~> 0.3.0)
    globalize3 (0.2.0)
      activemodel (>= 3.0.0)
      activerecord (>= 3.0.0)
      paper_trail (~> 2)
    heroku (3.0.1)
      heroku-api (~> 0.3.7)
      launchy (>= 0.3.2)
      netrc (~> 0.7.7)
      rest-client (~> 1.6.1)
      rubyzip
    heroku-api (0.3.15)
      excon (~> 0.25.1)
    i18n (0.5.0)
    json (1.8.1)
    launchy (2.4.0)
      addressable (~> 2.3)
    mail (2.2.20)
      activesupport (>= 2.3.6)
      i18n (>= 0.4.0)
      mime-types (~> 1.16)
      treetop (~> 1.4.8)
    mime-types (1.25)
    multi_json (1.8.2)
    netrc (0.7.7)
    orm_adapter (0.0.7)
    paper_trail (2.7.2)
      activerecord (~> 3.0)
      railties (~> 3.0)
    polyglot (0.3.3)
    rack (1.2.8)
    rack-cache (1.2)
      rack (>= 0.4)
    rack-mount (0.6.14)
      rack (>= 1.0.0)
    rack-test (0.5.7)
      rack (>= 1.0)
    rails (3.0.20)
      actionmailer (= 3.0.20)
      actionpack (= 3.0.20)
      activerecord (= 3.0.20)
      activeresource (= 3.0.20)
      activesupport (= 3.0.20)
      bundler (~> 1.0)
      railties (= 3.0.20)
    rails-i18n (0.7.4)
      i18n (~> 0.5)
    railties (3.0.20)
      actionpack (= 3.0.20)
      activesupport (= 3.0.20)
      rake (>= 0.8.7)
      rdoc (~> 3.4)
      thor (~> 0.14.4)
    rake (10.1.0)
    rdoc (3.12.2)
      json (~> 1.4)
    refinerycms (1.0.11)
      bundler (~> 1.0)
      refinerycms-authentication (= 1.0.11)
      refinerycms-base (= 1.0.11)
      refinerycms-core (= 1.0.11)
      refinerycms-dashboard (= 1.0.11)
      refinerycms-images (= 1.0.11)
      refinerycms-pages (= 1.0.11)
      refinerycms-resources (= 1.0.11)
      refinerycms-settings (= 1.0.11)
    refinerycms-authentication (1.0.11)
      activerecord (~> 3.0.10)
      devise (~> 1.4.3)
      friendly_id_globalize3 (~> 3.2.1)
      refinerycms-core (= 1.0.11)
    refinerycms-base (1.0.11)
    refinerycms-core (1.0.11)
      acts_as_indexed (~> 0.7)
      awesome_nested_set (~> 2.0)
      friendly_id_globalize3 (~> 3.2.1)
      globalize3 (~> 0.2.0.beta4)
      rails (~> 3.0.10)
      refinerycms-base (= 1.0.11)
      refinerycms-generators (~> 1.0)
      refinerycms-settings (= 1.0.11)
      truncate_html (~> 0.5)
      will_paginate (~> 3.0.0)
    refinerycms-dashboard (1.0.11)
      refinerycms-core (= 1.0.11)
    refinerycms-generators (1.0.4)
    refinerycms-i18n (2.1.0)
      rails-i18n (~> 0.7.3)
      routing-filter (~> 0.3.0)
    refinerycms-images (1.0.11)
      activerecord (~> 3.0.10)
      dragonfly (~> 0.9.0)
      rack-cache (>= 0.5.3)
      refinerycms-core (= 1.0.11)
    refinerycms-inquiries (1.0.1)
      filters_spam (~> 0.2)
    refinerycms-page-images (1.0.4)
      refinerycms-pages (>= 0.9.9.1)
    refinerycms-pages (1.0.11)
      activerecord (~> 3.0.10)
      awesome_nested_set (~> 2.0)
      friendly_id_globalize3 (~> 3.2.1)
      globalize3 (~> 0.2.0.beta4)
      refinerycms-core (= 1.0.11)
      seo_meta (~> 1.1)
    refinerycms-resources (1.0.11)
      activerecord (~> 3.0.10)
      dragonfly (~> 0.9.0)
      rack-cache (>= 0.5.3)
      refinerycms-core (= 1.0.11)
    refinerycms-settings (1.0.11)
      activerecord (~> 3.0.10)
      refinerycms-base (= 1.0.11)
    refinerycms-theming (1.0.1)
      refinerycms-core (>= 0.9.9.15)
    rest-client (1.6.7)
      mime-types (>= 1.16)
    routing-filter (0.3.1)
      actionpack
    rubyzip (1.1.0)
    seo_meta (1.4.0)
      railties (>= 3.0.0)
    sequel (3.20.0)
    sinatra (1.0)
      rack (>= 1.0)
    sqlite3 (1.3.8)
    taps (0.3.24)
      rack (>= 1.0.1)
      rest-client (>= 1.4.0, < 1.7.0)
      sequel (~> 3.20.0)
      sinatra (~> 1.0.0)
    thor (0.14.6)
    treetop (1.4.15)
      polyglot
      polyglot (>= 0.3.1)
    truncate_html (0.9.2)
    tzinfo (0.3.38)
    warden (1.0.6)
      rack (>= 1.0)
    will_paginate (3.0.5)
    xml-simple (1.1.2)

PLATFORMS
  ruby

DEPENDENCIES
  aws-s3
  bcrypt-ruby
  heroku
  rails (~> 3.0.5)
  refinerycms
  refinerycms-i18n
  refinerycms-inquiries
  refinerycms-page-images
  refinerycms-theming
  sqlite3
  taps (~> 0.3.22)
