GEM
  remote: http://rubygems.org/
  specs:
    abstract (1.0.0)
    actionmailer (3.0.12)
      actionpack (= 3.0.12)
      mail (~> 2.2.19)
    actionpack (3.0.12)
      activemodel (= 3.0.12)
      activesupport (= 3.0.12)
      builder (~> 2.1.2)
      erubis (~> 2.6.6)
      i18n (~> 0.5.0)
      rack (~> 1.2.5)
      rack-mount (~> 0.6.14)
      rack-test (~> 0.5.7)
      tzinfo (~> 0.3.23)
    activemodel (3.0.12)
      activesupport (= 3.0.12)
      builder (~> 2.1.2)
      i18n (~> 0.5.0)
    activerecord (3.0.12)
      activemodel (= 3.0.12)
      activesupport (= 3.0.12)
      arel (~> 2.0.10)
      tzinfo (~> 0.3.23)
    activeresource (3.0.12)
      activemodel (= 3.0.12)
      activesupport (= 3.0.12)
    activesupport (3.0.12)
    acts_as_indexed (0.7.8)
    addressable (2.2.8)
    arel (2.0.10)
    awesome_nested_set (2.1.3)
      activerecord (>= 3.0.0)
    aws-s3 (0.6.2)
      builder
      mime-types
      xml-simple
    babosa (0.3.7)
    bcrypt-ruby (2.1.4)
    builder (2.1.2)
    devise (1.3.4)
      bcrypt-ruby (~> 2.1.2)
      orm_adapter (~> 0.0.3)
      warden (~> 1.0.3)
    dragonfly (0.9.12)
      rack
    erubis (2.6.6)
      abstract (>= 1.0.0)
    filters_spam (0.3)
    friendly_id_globalize3 (3.2.1.6)
      babosa (~> 0.3.0)
    globalize3 (0.2.0)
      activemodel (>= 3.0.0)
      activerecord (>= 3.0.0)
      paper_trail (~> 2)
    heroku (2.25.0)
      launchy (>= 0.3.2)
      netrc (~> 0.7.1)
      rest-client (~> 1.6.1)
      rubyzip
    i18n (0.5.0)
    json (1.7.1)
    launchy (2.1.0)
      addressable (~> 2.2.6)
    mail (2.2.19)
      activesupport (>= 2.3.6)
      i18n (>= 0.4.0)
      mime-types (~> 1.16)
      treetop (~> 1.4.8)
    mime-types (1.18)
    netrc (0.7.1)
    orm_adapter (0.0.7)
    paper_trail (2.6.3)
      activerecord (~> 3.0)
      railties (~> 3.0)
    polyglot (0.3.3)
    rack (1.2.5)
    rack-cache (1.2)
      rack (>= 0.4)
    rack-mount (0.6.14)
      rack (>= 1.0.0)
    rack-test (0.5.7)
      rack (>= 1.0)
    rails (3.0.12)
      actionmailer (= 3.0.12)
      actionpack (= 3.0.12)
      activerecord (= 3.0.12)
      activeresource (= 3.0.12)
      activesupport (= 3.0.12)
      bundler (~> 1.0)
      railties (= 3.0.12)
    railties (3.0.12)
      actionpack (= 3.0.12)
      activesupport (= 3.0.12)
      rake (>= 0.8.7)
      rdoc (~> 3.4)
      thor (~> 0.14.4)
    rake (0.9.2.2)
    rdoc (3.12)
      json (~> 1.4)
    refinerycms (0.9.9.14)
      bundler (~> 1.0)
      refinerycms-authentication (~> 0.9.9.14)
      refinerycms-base (~> 0.9.9.14)
      refinerycms-core (~> 0.9.9.14)
      refinerycms-dashboard (~> 0.9.9.14)
      refinerycms-images (~> 0.9.9.14)
      refinerycms-pages (~> 0.9.9.14)
      refinerycms-resources (~> 0.9.9.14)
      refinerycms-settings (~> 0.9.9.14)
    refinerycms-authentication (0.9.9.22)
      devise (~> 1.3.0)
      friendly_id_globalize3 (~> 3.2.1)
      refinerycms-core (= 0.9.9.22)
    refinerycms-base (0.9.9.22)
    refinerycms-core (0.9.9.22)
      acts_as_indexed (~> 0.7)
      awesome_nested_set (~> 2.0)
      friendly_id_globalize3 (~> 3.2.1)
      globalize3 (>= 0.1.0.beta2)
      rails (~> 3.0.7)
      refinerycms-base (= 0.9.9.22)
      refinerycms-generators (~> 1.0)
      refinerycms-settings (= 0.9.9.22)
      truncate_html (~> 0.5)
      will_paginate (~> 3.0.pre)
    refinerycms-dashboard (0.9.9.22)
      refinerycms-core (= 0.9.9.22)
    refinerycms-generators (1.0.4)
    refinerycms-i18n (0.9.9.16)
      refinerycms-core (>= 0.9.9.12)
      routing-filter (>= 0.2.3)
    refinerycms-images (0.9.9.22)
      dragonfly (~> 0.9.0)
      rack-cache (>= 0.5.3)
      refinerycms-core (= 0.9.9.22)
    refinerycms-inquiries (0.9.9.9)
      filters_spam (~> 0.2)
    refinerycms-page-images (1.0.4)
      refinerycms-pages (>= 0.9.9.1)
    refinerycms-pages (0.9.9.22)
      awesome_nested_set (~> 2.0)
      friendly_id_globalize3 (~> 3.2.1)
      globalize3 (>= 0.1.0.beta2)
      refinerycms-core (= 0.9.9.22)
      seo_meta (~> 1.1)
    refinerycms-resources (0.9.9.22)
      dragonfly (~> 0.9.0)
      rack-cache (>= 0.5.3)
      refinerycms-core (= 0.9.9.22)
    refinerycms-settings (0.9.9.22)
      refinerycms-base (= 0.9.9.22)
    refinerycms-theming (1.0.1)
      refinerycms-core (>= 0.9.9.15)
    rest-client (1.6.7)
      mime-types (>= 1.16)
    routing-filter (0.3.1)
      actionpack
    rubyzip (0.9.8)
    seo_meta (1.3.0)
      railties (>= 3.0.0)
    sequel (3.20.0)
    sinatra (1.0)
      rack (>= 1.0)
    sqlite3 (1.3.6)
    taps (0.3.24)
      rack (>= 1.0.1)
      rest-client (>= 1.4.0, < 1.7.0)
      sequel (~> 3.20.0)
      sinatra (~> 1.0.0)
    thor (0.14.6)
    treetop (1.4.10)
      polyglot
      polyglot (>= 0.3.1)
    truncate_html (0.5.5)
    tzinfo (0.3.33)
    warden (1.0.6)
      rack (>= 1.0)
    will_paginate (3.0.3)
    xml-simple (1.1.1)

PLATFORMS
  ruby

DEPENDENCIES
  aws-s3
  bcrypt-ruby
  heroku
  rails (~> 3.0.6)
  refinerycms
  refinerycms-i18n
  refinerycms-inquiries
  refinerycms-page-images
  refinerycms-theming
  sqlite3
  taps (~> 0.3.22)
